GEM
  remote: http://rubygems.org/
  specs:
    ansi (1.4.3)
    facets (2.9.3)
    gem-this (0.3.7)
    gemcutter (0.7.1)
    json (1.7.3)
    nokogiri (1.5.5)
    open4 (1.3.0)
    psych (1.3.3)
    rdoc (3.12)
      json (~> 1.4)
    rubyzip (0.9.9)
    thor (0.15.4)
    vclog (1.9.2)
      ansi (>= 1.2)
      facets (>= 2.4)
      rdoc
      xml-simple
    xml-simple (1.1.1)

PLATFORMS
  ruby

DEPENDENCIES
  bundler (~> 1.1.0)
  facets (~> 2.9.3)
  gem-this
  gemcutter
  nokogiri
  open4 (~> 1.3.0)
  psych (~> 1.3.2)
  rubyzip (~> 0.9.8)
  thor (~> 0.15.0)
  vclog
